PATH
  remote: .
  specs:
    utah_county_aa_meeting_finder (0.1.0)

GEM
  remote: https://rubygems.org/
  specs:
    rake (10.5.0)

PLATFORMS
  ruby

DEPENDENCIES
  bundler (~> 1.16)
  rake (~> 10.0)
  utah_county_aa_meeting_finder!

BUNDLED WITH
   1.16.1
